GEM
  remote: http://rubygems.org/
  specs:
    activesupport (3.0.3)
    haml (3.0.25)
    nokogiri (1.4.4)
    sqlite3 (1.3.3)

PLATFORMS
  ruby

DEPENDENCIES
  activesupport
  haml
  nokogiri
  sqlite3
