GEM
  remote: http://rubygems.org/
  specs:
    activesupport (3.0.3)
    haml (3.0.25)

PLATFORMS
  ruby

DEPENDENCIES
  activesupport
  haml
